PATH
  remote: .
  specs:
    awesome_config (1.1)
      aws-sdk

GEM
  remote: https://rubygems.org/
  specs:
    aws-sdk (2.10.33)
      aws-sdk-resources (= 2.10.33)
    aws-sdk-core (2.10.33)
      aws-sigv4 (~> 1.0)
      jmespath (~> 1.0)
    aws-sdk-resources (2.10.33)
      aws-sdk-core (= 2.10.33)
    aws-sigv4 (1.0.1)
    diff-lcs (1.3)
    jmespath (1.3.1)
    rspec (3.6.0)
      rspec-core (~> 3.6.0)
      rspec-expectations (~> 3.6.0)
      rspec-mocks (~> 3.6.0)
    rspec-core (3.6.0)
      rspec-support (~> 3.6.0)
    rspec-expectations (3.6.0)
      diff-lcs (>= 1.2.0, < 2.0)
      rspec-support (~> 3.6.0)
    rspec-mocks (3.6.0)
      diff-lcs (>= 1.2.0, < 2.0)
      rspec-support (~> 3.6.0)
    rspec-support (3.6.0)

PLATFORMS
  ruby

DEPENDENCIES
  awesome_config!
  rspec

BUNDLED WITH
   1.15.4
